GEM
  remote: https://rubygems.org/
  specs:
    base64 (0.2.0)
    clamp (1.3.0)
    diff-lcs (1.3)
    mail (2.7.1)
      mini_mime (>= 0.1.1)
    mini_mime (1.0.1)
    net-protocol (0.2.2)
      timeout
    net-smtp (0.5.0)
      net-protocol
    ostruct (0.6.0)
    rspec (3.8.0)
      rspec-core (~> 3.8.0)
      rspec-expectations (~> 3.8.0)
      rspec-mocks (~> 3.8.0)
    rspec-core (3.8.0)
      rspec-support (~> 3.8.0)
    rspec-expectations (3.8.2)
      diff-lcs (>= 1.2.0, < 2.0)
      rspec-support (~> 3.8.0)
    rspec-mocks (3.8.0)
      diff-lcs (>= 1.2.0, < 2.0)
      rspec-support (~> 3.8.0)
    rspec-support (3.8.0)
    timeout (0.4.1)

PLATFORMS
  ruby

DEPENDENCIES
  base64
  clamp
  mail
  net-smtp
  ostruct
  rspec

BUNDLED WITH
   2.5.21
